GEM
  remote: https://rubygems.org/
  specs:
    byebug (11.1.1)
    diff-lcs (1.3)
    eventmachine (1.2.7)
    osc-ruby (1.1.3)
    rspec (3.9.0)
      rspec-core (~> 3.9.0)
      rspec-expectations (~> 3.9.0)
      rspec-mocks (~> 3.9.0)
    rspec-core (3.9.1)
      rspec-support (~> 3.9.1)
    rspec-expectations (3.9.0)
      diff-lcs (>= 1.2.0, < 2.0)
      rspec-support (~> 3.9.0)
    rspec-mocks (3.9.1)
      diff-lcs (>= 1.2.0, < 2.0)
      rspec-support (~> 3.9.0)
    rspec-support (3.9.2)
    ws2812 (0.0.6)

PLATFORMS
  ruby

DEPENDENCIES
  byebug
  eventmachine
  osc-ruby
  rspec
  ws2812

RUBY VERSION
   ruby 2.4.6p354

BUNDLED WITH
   1.17.3
